PATH
  remote: .
  specs:
    ntail (0.0.1)
      methadone (~> 1.2.2)

GEM
  remote: https://rubygems.org/
  specs:
    aruba (0.5.0)
      childprocess (= 0.2.3)
      cucumber (>= 1.1.1)
      ffi (>= 1.0.11)
      rspec-expectations (>= 2.7.0)
    awesome_print (1.1.0)
    builder (3.1.4)
    childprocess (0.2.3)
      ffi (~> 1.0.6)
    coderay (1.0.8)
    cucumber (1.1.9)
      builder (>= 2.1.2)
      diff-lcs (>= 1.1.2)
      gherkin (~> 2.9.0)
      json (>= 1.4.6)
      term-ansicolor (>= 1.0.6)
    cucumber-pride (0.0.2)
      cucumber (~> 1.1.1)
    diff-lcs (1.1.3)
    ffi (1.0.11)
    gherkin (2.9.3)
      json (>= 1.4.6)
    growl (1.0.3)
    guard (1.5.3)
      listen (>= 0.4.2)
      lumberjack (>= 1.0.2)
      pry (>= 0.9.10)
      thor (>= 0.14.6)
    guard-cucumber (0.7.5)
      cucumber (>= 0.10)
      guard (>= 0.8.3)
    guard-rspec (2.1.1)
      guard (>= 1.1)
      rspec (~> 2.11)
    json (1.7.5)
    listen (0.5.3)
    lumberjack (1.0.2)
    methadone (1.2.2)
      bundler
    method_source (0.8.1)
    pry (0.9.10)
      coderay (~> 1.0.5)
      method_source (~> 0.8)
      slop (~> 3.3.1)
    rake (0.9.2.2)
    rb-fsevent (0.9.2)
    rdoc (3.12)
      json (~> 1.4)
    rspec (2.11.0)
      rspec-core (~> 2.11.0)
      rspec-expectations (~> 2.11.0)
      rspec-mocks (~> 2.11.0)
    rspec-core (2.11.1)
    rspec-expectations (2.11.3)
      diff-lcs (~> 1.1.3)
    rspec-mocks (2.11.3)
    rspec-pride (2.2.0)
      rspec (~> 2.10)
    slop (3.3.3)
    term-ansicolor (1.0.7)
    thor (0.16.0)

PLATFORMS
  ruby

DEPENDENCIES
  aruba
  awesome_print
  cucumber
  cucumber-pride
  growl
  guard
  guard-cucumber
  guard-rspec
  ntail!
  pry
  rake (~> 0.9.2)
  rb-fsevent
  rdoc
  rspec
  rspec-pride
