GEM
  remote: http://rubygems.org/
  specs:
    diff-lcs (1.1.3)
    geoip (1.1.2)
    git (1.2.5)
    jeweler (1.5.2)
      bundler (~> 1.0.0)
      git (>= 1.2.5)
      rake
    multi_json (1.0.4)
    polyglot (0.3.3)
    rainbow (1.1.3)
    rake (0.9.2.2)
    rspec (2.8.0)
      rspec-core (~> 2.8.0)
      rspec-expectations (~> 2.8.0)
      rspec-mocks (~> 2.8.0)
    rspec-core (2.8.0)
    rspec-expectations (2.8.0)
      diff-lcs (~> 1.1.2)
    rspec-mocks (2.8.0)
    shoulda (2.11.3)
    simplecov (0.5.4)
      multi_json (~> 1.0.3)
      simplecov-html (~> 0.5.3)
    simplecov-html (0.5.3)
    treetop (1.4.10)
      polyglot
      polyglot (>= 0.3.1)
    user-agent (1.0.0)

PLATFORMS
  ruby

DEPENDENCIES
  bundler (~> 1.0.0)
  geoip
  jeweler (~> 1.5.1)
  rainbow
  rake (~> 0.9.2.2)
  rspec (>= 2.5)
  shoulda
  simplecov
  treetop (~> 1.4.9)
  user-agent
